GEM
  remote: https://rubygems.org/
  specs:
    minitest (5.11.3)
    minitest-hooks (1.5.0)
      minitest (> 5.3)
    mysql2 (0.5.2)

PLATFORMS
  ruby

DEPENDENCIES
  minitest
  minitest-hooks
  mysql2

BUNDLED WITH
   1.16.1
